GEM
  remote: http://rubygems.org/
  specs:
    configuration (1.2.0)
    daemons (1.1.3)
    dalli (1.0.3)
    eventmachine (0.12.10)
    fastercsv (1.5.4)
    heroku (2.1.2)
      launchy (>= 0.3.2)
      rest-client (~> 1.6.1)
      term-ansicolor (~> 1.0.5)
    json (1.4.6)
    launchy (0.4.0)
      configuration (>= 0.0.5)
      rake (>= 0.8.1)
    mime-types (1.16)
    nokogiri (1.4.4)
    patron (0.4.9)
    rack (1.2.2)
    rake (0.8.7)
    rest-client (1.6.1)
      mime-types (>= 1.16)
    sinatra (1.2.6)
      rack (~> 1.1)
      tilt (< 2.0, >= 1.2.2)
    term-ansicolor (1.0.5)
    thin (1.2.11)
      daemons (>= 1.0.9)
      eventmachine (>= 0.12.6)
      rack (>= 1.0.0)
    tilt (1.3)

PLATFORMS
  ruby

DEPENDENCIES
  dalli (~> 1.0.1)
  fastercsv (~> 1.5.3)
  heroku
  json (~> 1.4.6)
  nokogiri (~> 1.4.4)
  patron (= 0.4.9)
  sinatra (~> 1.2.1)
  thin
