GEM
  remote: http://rubygems.org/
  specs:
    addressable (2.3.2)
    daemons (1.1.9)
    dalli (1.0.5)
    eventmachine (1.0.0)
    excon (0.16.10)
    fastercsv (1.5.5)
    heroku (2.33.5)
      heroku-api (~> 0.3.7)
      launchy (>= 0.3.2)
      netrc (~> 0.7.7)
      rest-client (~> 1.6.1)
      rubyzip
    heroku-api (0.3.7)
      excon (~> 0.16.10)
    json (1.4.6)
    launchy (2.1.2)
      addressable (~> 2.3)
    map (6.2.0)
    mime-types (1.19)
    netrc (0.7.7)
    nokogiri (1.4.7)
    patron (0.4.9)
    rack (1.4.3)
    rest-client (1.6.7)
      mime-types (>= 1.16)
    rubyzip (0.9.9)
    sinatra (1.2.8)
      rack (~> 1.1)
      tilt (>= 1.2.2, < 2.0)
    thin (1.5.0)
      daemons (>= 1.0.9)
      eventmachine (>= 0.12.6)
      rack (>= 1.0.0)
    tilt (1.3.3)

PLATFORMS
  ruby

DEPENDENCIES
  dalli (~> 1.0.1)
  fastercsv (~> 1.5.3)
  heroku
  json (~> 1.4.6)
  map
  nokogiri (~> 1.4.4)
  patron (= 0.4.9)
  sinatra (~> 1.2.1)
  thin
