GEM
  remote: http://rubygems.org/
  specs:
    fastercsv (1.5.3)
    nokogiri (1.4.4)
    patron (0.4.9)
    rack (1.2.1)
    sinatra (1.1.2)
      rack (~> 1.1)
      tilt (~> 1.2)
    tilt (1.2.1)

PLATFORMS
  ruby

DEPENDENCIES
  fastercsv (~> 1.5.3)
  nokogiri (~> 1.4.4)
  patron (= 0.4.9)
  sinatra (~> 1.1.2)
